GIT
  remote: git://github.com/badaboda/rolify.git
  revision: 39d294bab8e2424a5e6be0907633d6628c976037
  branch: master
  specs:
    rolify (3.3.0.rc5)

GIT
  remote: git://github.com/comfy/comfortable-mexican-sofa.git
  revision: 9c36c6f393e70cb69e3be3d7b59471703ddff221
  ref: 9c36c6f393e70cb69e3be3d7b59471703ddff221
  specs:
    comfortable_mexican_sofa (1.11.2)
      active_link_to (>= 1.0.0)
      codemirror-rails (>= 3.0.0)
      coffee-rails (>= 3.1.0)
      formatted_form (>= 2.1.0)
      haml-rails (>= 0.3.0)
      jquery-rails (>= 3.0.0)
      jquery-ui-rails (>= 4.0.0)
      kaminari (>= 0.14.0)
      kramdown (>= 1.0.0)
      paperclip (>= 3.4.0)
      rails (~> 4.0)
      rails-i18n (~> 4.0.0)
      sass-rails (>= 3.1.0)
      tinymce-rails (>= 4.0.0)

GIT
  remote: git://github.com/elasticsearch/elasticsearch-rails.git
  revision: fad8b5044300ff192246fbf75a256237c76a3458
  specs:
    elasticsearch-model (0.1.4)
      activesupport (> 3)
      elasticsearch (> 0.4)
      hashie
    elasticsearch-rails (0.1.4)

GIT
  remote: git://github.com/glebm/rails_email_preview.git
  revision: 00d6afc61099075f1c0489d7cdbe68d4943a8dd2
  branch: master
  specs:
    rails_email_preview (0.2.21)
      rails (>= 3.2)
      request_store
      sass-rails
      slim-rails
      turbolinks

GIT
  remote: git://github.com/josevalim/inherited_resources.git
  revision: 38009de075d4c7e5170a582af9c09002ff6fc4b5
  branch: master
  specs:
    inherited_resources (1.5.0)
      has_scope (~> 0.6.0.rc)
      responders (~> 1.0)

GIT
  remote: git://github.com/kylejginavan/youtube_it.git
  revision: f61ed0b00905e048dcbed12457d02f52ddbae45d
  branch: master
  specs:
    youtube_it (2.4.1)
      builder
      excon
      faraday (>= 0.8, < 0.10)
      json (~> 1.8)
      nokogiri (~> 1.6.0)
      oauth (~> 0.4.4)
      oauth2 (~> 1.0.0)
      simple_oauth (>= 0.1.5)

GIT
  remote: git://github.com/plataformatec/has_scope.git
  revision: 24e70df1a8bb51777023cb3b6f359ec59877c2b1
  branch: master
  specs:
    has_scope (0.6.0.rc)
      actionpack (>= 3.2, < 5)
      activesupport (>= 3.2, < 5)

GIT
  remote: git://github.com/spohlenz/tinymce-rails.git
  revision: e03d27f3b491be68f460e9644e09ef0fad23e2cd
  branch: tinymce-4
  specs:
    tinymce-rails (4.0.18)
      railties (>= 3.1.1)

GIT
  remote: git://github.com/waynehoover/s3_direct_upload.git
  revision: 0e4daa1c5ae6133bcddc5d72d6c10b7efc844250
  branch: master
  specs:
    s3_direct_upload (0.1.7)
      coffee-rails (>= 3.1)
      jquery-fileupload-rails (~> 0.4.1)
      rails (>= 3.1)
      sass-rails (>= 3.1)

GEM
  remote: https://rubygems.org/
  remote: https://rails-assets.org/
  specs:
    actionmailer (4.1.4)
      actionpack (= 4.1.4)
      actionview (= 4.1.4)
      mail (~> 2.5.4)
    actionpack (4.1.4)
      actionview (= 4.1.4)
      activesupport (= 4.1.4)
      rack (~> 1.5.2)
      rack-test (~> 0.6.2)
    actionview (4.1.4)
      activesupport (= 4.1.4)
      builder (~> 3.1)
      erubis (~> 2.7.0)
    active_link_to (1.0.2)
      actionpack
    activemodel (4.1.4)
      activesupport (= 4.1.4)
      builder (~> 3.1)
    activerecord (4.1.4)
      activemodel (= 4.1.4)
      activesupport (= 4.1.4)
      arel (~> 5.0.0)
    activesupport (4.1.4)
      i18n (~> 0.6, >= 0.6.9)
      json (~> 1.7, >= 1.7.7)
      minitest (~> 5.1)
      thread_safe (~> 0.1)
      tzinfo (~> 1.1)
    addressable (2.3.6)
    ancestry (2.1.0)
      activerecord (>= 3.0.0)
    arel (5.0.1.20140414130214)
    autoparse (0.3.3)
      addressable (>= 2.3.1)
      extlib (>= 0.9.15)
      multi_json (>= 1.0.0)
    aws-sdk (1.48.1)
      json (~> 1.4)
      nokogiri (>= 1.4.4)
    bcrypt (3.1.7)
    better_errors (1.1.0)
      coderay (>= 1.0.0)
      erubis (>= 2.6.6)
    binding_of_caller (0.7.2)
      debug_inspector (>= 0.0.1)
    builder (3.2.2)
    callsite (0.0.11)
    cancan (1.6.10)
    climate_control (0.0.3)
      activesupport (>= 3.0)
    cocaine (0.5.4)
      climate_control (>= 0.0.3, < 1.0)
    codemirror-rails (4.2)
      railties (>= 3.0, < 5)
    coderay (1.1.0)
    coffee-rails (4.0.1)
      coffee-script (>= 2.2.0)
      railties (>= 4.0.0, < 5.0)
    coffee-script (2.3.0)
      coffee-script-source
      execjs
    coffee-script-source (1.7.1)
    commonjs (0.2.7)
    debug_inspector (0.0.2)
    devise (3.2.4)
      bcrypt (~> 3.0)
      orm_adapter (~> 0.1)
      railties (>= 3.2.6, < 5)
      thread_safe (~> 0.1)
      warden (~> 1.2.3)
    diff-lcs (1.2.5)
    elasticsearch (1.0.4)
      elasticsearch-api (= 1.0.4)
      elasticsearch-transport (= 1.0.4)
    elasticsearch-api (1.0.4)
      multi_json
    elasticsearch-transport (1.0.4)
      faraday
      multi_json
    erubis (2.7.0)
    excon (0.38.0)
    execjs (2.2.1)
    extlib (0.9.16)
    factory_girl (4.4.0)
      activesupport (>= 3.0.0)
    factory_girl_rails (4.4.1)
      factory_girl (~> 4.4.0)
      railties (>= 3.0.0)
    faraday (0.9.0)
      multipart-post (>= 1.2, < 3)
    figaro (0.7.0)
      bundler (~> 1.0)
      rails (>= 3, < 5)
    font-awesome-rails (3.2.1.0)
      railties (>= 3.2, < 5.0)
    formatted_form (2.1.2)
      rails (>= 3.1)
    friendly_id (5.0.4)
      activerecord (>= 4.0.0)
    google-api-client (0.7.1)
      addressable (>= 2.3.2)
      autoparse (>= 0.3.3)
      extlib (>= 0.9.15)
      faraday (>= 0.9.0)
      jwt (>= 0.1.5)
      launchy (>= 2.1.1)
      multi_json (>= 1.0.0)
      retriable (>= 1.4)
      signet (>= 0.5.0)
      uuidtools (>= 2.1.0)
    haml (4.0.5)
      tilt
    haml-rails (0.5.3)
      actionpack (>= 4.0.1)
      activesupport (>= 4.0.1)
      haml (>= 3.1, < 5.0)
      railties (>= 4.0.1)
    hashie (3.2.0)
    hike (1.2.3)
    i18n (0.6.11)
    jbuilder (1.5.3)
      activesupport (>= 3.0.0)
      multi_json (>= 1.2.0)
    jquery-fileupload-rails (0.4.1)
      actionpack (>= 3.1)
      railties (>= 3.1)
    jquery-rails (3.1.1)
      railties (>= 3.0, < 5.0)
      thor (>= 0.14, < 2.0)
    jquery-ui-rails (4.2.1)
      railties (>= 3.2.16)
    json (1.8.1)
    jwt (1.0.0)
    kaminari (0.16.1)
      actionpack (>= 3.0.0)
      activesupport (>= 3.0.0)
    kramdown (1.4.0)
    launchy (2.4.2)
      addressable (~> 2.3)
    less (2.5.1)
      commonjs (~> 0.2.7)
    less-rails (2.5.0)
      actionpack (>= 3.1)
      less (~> 2.5.0)
    libv8 (3.16.14.3)
    mail (2.5.4)
      mime-types (~> 1.16)
      treetop (~> 1.4.8)
    meta_request (0.3.3)
      callsite (~> 0.0, >= 0.0.11)
      rack-contrib (~> 1.1)
      railties (>= 3.0.0, < 5.0.0)
    mime-types (1.25.1)
    mini_portile (0.6.0)
    minitest (5.4.0)
    modernizr-rails (2.7.1)
    multi_json (1.10.1)
    multi_xml (0.5.5)
    multipart-post (2.0.0)
    nested_form (0.3.2)
    nokogiri (1.6.3)
      mini_portile (= 0.6.0)
    oauth (0.4.7)
    oauth2 (1.0.0)
      faraday (>= 0.8, < 0.10)
      jwt (~> 1.0)
      multi_json (~> 1.3)
      multi_xml (~> 0.5)
      rack (~> 1.2)
    omniauth (1.2.2)
      hashie (>= 1.2, < 4)
      rack (~> 1.0)
    omniauth-facebook (1.6.0)
      omniauth-oauth2 (~> 1.1)
    omniauth-linkedin (0.2.0)
      omniauth-oauth (~> 1.0)
    omniauth-oauth (1.0.1)
      oauth
      omniauth (~> 1.0)
    omniauth-oauth2 (1.2.0)
      faraday (>= 0.8, < 0.10)
      multi_json (~> 1.3)
      oauth2 (~> 1.0)
      omniauth (~> 1.2)
    omniauth-twitter (1.0.1)
      multi_json (~> 1.3)
      omniauth-oauth (~> 1.0)
    orm_adapter (0.5.0)
    paperclip (4.2.0)
      activemodel (>= 3.0.0)
      activesupport (>= 3.0.0)
      cocaine (~> 0.5.3)
      mime-types
    pg (0.17.1)
    polyglot (0.3.5)
    quiet_assets (1.0.3)
      railties (>= 3.1, < 5.0)
    rack (1.5.2)
    rack-contrib (1.1.0)
      rack (>= 0.9.1)
    rack-pjax (0.7.0)
      nokogiri (~> 1.5)
      rack (~> 1.3)
    rack-test (0.6.2)
      rack (>= 1.0)
    rails (4.1.4)
      actionmailer (= 4.1.4)
      actionpack (= 4.1.4)
      actionview (= 4.1.4)
      activemodel (= 4.1.4)
      activerecord (= 4.1.4)
      activesupport (= 4.1.4)
      bundler (>= 1.3.0, < 2.0)
      railties (= 4.1.4)
      sprockets-rails (~> 2.0)
    rails-assets-bootstrap (3.1.0)
      rails-assets-jquery (>= 1.9.0)
    rails-assets-holderjs (2.3.2)
    rails-assets-jquery (2.1.1)
    rails-i18n (4.0.2)
      i18n (~> 0.6)
      rails (>= 4.0)
    rails_12factor (0.0.2)
      rails_serve_static_assets
      rails_stdout_logging
    rails_admin (0.6.2)
      builder (~> 3.1)
      coffee-rails (~> 4.0)
      font-awesome-rails (>= 3.0)
      haml (~> 4.0)
      jquery-rails (~> 3.0)
      jquery-ui-rails (~> 4.0)
      kaminari (~> 0.14)
      nested_form (~> 0.3)
      rack-pjax (~> 0.7)
      rails (~> 4.0)
      remotipart (~> 1.0)
      safe_yaml (~> 1.0)
      sass-rails (~> 4.0)
    rails_admin_nestable (0.2.0)
      coffee-rails
      haml-rails
      rails (>= 3.1)
      rails_admin
      sass-rails
    rails_serve_static_assets (0.0.2)
    rails_stdout_logging (0.0.3)
    railties (4.1.4)
      actionpack (= 4.1.4)
      activesupport (= 4.1.4)
      rake (>= 0.8.7)
      thor (>= 0.18.1, < 2.0)
    rake (10.3.2)
    rdoc (4.1.1)
      json (~> 1.4)
    ref (1.0.5)
    remotipart (1.2.1)
    request_store (1.0.7)
    responders (1.1.0)
      railties (>= 3.2, < 5)
    retriable (1.4.1)
    rspec-core (3.0.2)
      rspec-support (~> 3.0.0)
    rspec-expectations (3.0.2)
      diff-lcs (>= 1.2.0, < 2.0)
      rspec-support (~> 3.0.0)
    rspec-mocks (3.0.2)
      rspec-support (~> 3.0.0)
    rspec-rails (3.0.1)
      actionpack (>= 3.0)
      activesupport (>= 3.0)
      railties (>= 3.0)
      rspec-core (~> 3.0.0)
      rspec-expectations (~> 3.0.0)
      rspec-mocks (~> 3.0.0)
      rspec-support (~> 3.0.0)
    rspec-support (3.0.2)
    safe_yaml (1.0.3)
    sass (3.2.19)
    sass-rails (4.0.3)
      railties (>= 4.0.0, < 5.0)
      sass (~> 3.2.0)
      sprockets (~> 2.8, <= 2.11.0)
      sprockets-rails (~> 2.0)
    sdoc (0.4.0)
      json (~> 1.8)
      rdoc (~> 4.0, < 5.0)
    seed_dump (3.1.0)
      activerecord
      activesupport
    signet (0.5.1)
      addressable (>= 2.2.3)
      faraday (>= 0.9.0.rc5)
      jwt (>= 0.1.5)
      multi_json (>= 1.0.0)
    simple_oauth (0.2.0)
    slim (2.0.3)
      temple (~> 0.6.6)
      tilt (>= 1.3.3, < 2.1)
    slim-rails (2.1.5)
      actionpack (>= 3.0, < 4.2)
      activesupport (>= 3.0, < 4.2)
      railties (>= 3.0, < 4.2)
      slim (~> 2.0)
    sprockets (2.11.0)
      hike (~> 1.2)
      multi_json (~> 1.0)
      rack (~> 1.0)
      tilt (~> 1.1, != 1.3.0)
    sprockets-rails (2.1.3)
      actionpack (>= 3.0)
      activesupport (>= 3.0)
      sprockets (~> 2.8)
    sqlite3 (1.3.9)
    temple (0.6.8)
    therubyracer (0.12.1)
      libv8 (~> 3.16.14.0)
      ref
    thor (0.19.1)
    thread_safe (0.3.4)
    tilt (1.4.1)
    tinymce-rails-langs (4.20140129)
      tinymce-rails (~> 4.0)
    treetop (1.4.15)
      polyglot
      polyglot (>= 0.3.1)
    turbolinks (2.2.2)
      coffee-rails
    tzinfo (1.2.1)
      thread_safe (~> 0.1)
    uglifier (2.5.3)
      execjs (>= 0.3.0)
      json (>= 1.8.0)
    uuidtools (2.1.4)
    warden (1.2.3)
      rack (>= 1.0)

PLATFORMS
  ruby

DEPENDENCIES
  ancestry
  aws-sdk
  better_errors
  binding_of_caller
  cancan
  comfortable_mexican_sofa!
  devise
  elasticsearch-model!
  elasticsearch-rails!
  factory_girl_rails
  figaro
  font-awesome-rails (= 3.2.1)
  friendly_id (~> 5.0.0)
  google-api-client
  haml-rails
  has_scope!
  inherited_resources!
  jbuilder (~> 1.2)
  jquery-fileupload-rails
  jquery-rails (~> 3.1.0)
  less-rails
  meta_request
  modernizr-rails
  omniauth-facebook
  omniauth-linkedin
  omniauth-twitter
  paperclip
  pg
  quiet_assets
  rails (= 4.1.4)
  rails-assets-bootstrap (= 3.1.0)
  rails-assets-holderjs
  rails_12factor
  rails_admin
  rails_admin_nestable
  rails_email_preview!
  rolify!
  rspec-rails
  s3_direct_upload!
  sdoc
  seed_dump
  sqlite3
  therubyracer
  tinymce-rails!
  tinymce-rails-langs
  turbolinks
  uglifier (>= 1.3.0)
  youtube_it!
